GEM
  remote: https://rubygems.org/
  specs:
    diff-lcs (1.2.5)
    hoe (2.16.1)
      rake (~> 0.8)
    hoe-bundler (1.2.0)
      hoe (>= 2.2.0)
    hoe-gemspec (1.0.0)
      hoe (>= 2.2.0)
    hoe-yard (0.1.2)
      yard (>= 0.2.3.1)
    json (1.8.1)
    netaddr (2.0.4)
    rake (0.9.6)
    rdoc (4.0.1)
      json (~> 1.4)
    redcarpet (3.0.0)
    rspec (2.14.1)
      rspec-core (~> 2.14.0)
      rspec-expectations (~> 2.14.0)
      rspec-mocks (~> 2.14.0)
    rspec-core (2.14.7)
    rspec-expectations (2.14.4)
      diff-lcs (>= 1.1.3, < 2.0)
    rspec-mocks (2.14.4)
    yard (0.8.7.3)

PLATFORMS
  ruby

DEPENDENCIES
  bundler (>= 1.0.10)
  hoe (~> 2.16)
  hoe-bundler (>= 1.1.0)
  hoe-gemspec (>= 1.0.0)
  hoe-yard (>= 0.1.2)
  netaddr (>= 1.5.0)
  rdoc (>= 3.8.0)
  redcarpet (>= 2.1.0)
  rspec (>= 2.6.0)
  yard (>= 0.8.2)
